{
    "Manufacturer": "Philips",
    "PatientPosition": "HFS",
    "SeriesDescription": "ImageMRSERIES",
    "ProtocolName": "task-wm_acq-Mb4Mm3Tr550_bold",
    "SeriesNumber": 3,
    "AcquisitionNumber": 3,
    "ImageComments": "MBproject",
    "PhilipsRescaleSlope": 0.83541,
    "PhilipsRescaleIntercept": 0,
    "PhilipsScaleSlope": 0.032478,
    "UsePhilipsFloatNotDisplayScaling": 1,
    "EchoTime": 0.03,
    "RepetitionTime": 0.55,
    "ReconMatrixPE": 80,
    "ImageOrientationPatientDICOM": [
        0.999383,
        0.0063039,
        0.0345468,
        0.00174425,
        0.973631,
        -0.228121
    ],
    "ConversionSoftware": "dcm2niix",
    "ConversionSoftwareVersion": "v1.0.20190902",
    "BidsifyVersion": "0.3.7",
    "MagneticFieldStrength": 3,
    "ParallelAcquisitionTechnique": "SENSE",
    "BIDSVersion": "1.1.0",
    "InstitutionName": "Spinoza Centre for Neuroimaging, location REC",
    "PulseSequenceType": "Multiband gradient echo EPI",
    "PhaseEncodingDirection": "j",
    "SliceEncodingDirection": "k",
    "ParallelReductionFactorInPlane": 1.51,
    "MultibandAccelerationFactor": 4,
    "WaterFatShift": 14.308,
    "FlipAngle": 55,
    "TotalReadoutTime": 0.0323413,
    "EffectiveEchoSpacing": 0.0006102,
    "TaskName": "wm",
    "SliceTiming": [
        0.0,
        0.061111111111111116,
        0.12222222222222223,
        0.18333333333333335,
        0.24444444444444446,
        0.3055555555555556,
        0.3666666666666667,
        0.4277777777777778,
        0.48888888888888893,
        0.0,
        0.061111111111111116,
        0.12222222222222223,
        0.18333333333333335,
        0.24444444444444446,
        0.3055555555555556,
        0.3666666666666667,
        0.4277777777777778,
        0.48888888888888893,
        0.0,
        0.061111111111111116,
        0.12222222222222223,
        0.18333333333333335,
        0.24444444444444446,
        0.3055555555555556,
        0.3666666666666667,
        0.4277777777777778,
        0.48888888888888893,
        0.0,
        0.061111111111111116,
        0.12222222222222223,
        0.18333333333333335,
        0.24444444444444446,
        0.3055555555555556,
        0.3666666666666667,
        0.4277777777777778,
        0.48888888888888893
    ]
}