{
    "Manufacturer": "Philips",
    "PatientPosition": "HFS",
    "SeriesDescription": "ImageMRSERIES",
    "ProtocolName": "task-wm_acq-Mb4Mm2Tr1600_bold",
    "SeriesNumber": 12,
    "AcquisitionNumber": 12,
    "ImageComments": "MB2018",
    "PhilipsRescaleSlope": 0.89621,
    "PhilipsRescaleIntercept": 0,
    "PhilipsScaleSlope": 0.0620982,
    "UsePhilipsFloatNotDisplayScaling": 1,
    "EchoTime": 0.03,
    "RepetitionTime": 1.6,
    "ReconMatrixPE": 112,
    "ImageOrientationPatientDICOM": [
        0.999974,
        0.00432131,
        0.00583823,
        -0.0041887,
        0.999737,
        -0.0225375
    ],
    "ConversionSoftware": "dcm2niix",
    "ConversionSoftwareVersion": "v1.0.20190902",
    "BidsifyVersion": "0.3.7",
    "MagneticFieldStrength": 3,
    "ParallelAcquisitionTechnique": "SENSE",
    "BIDSVersion": "1.1.0",
    "InstitutionName": "Spinoza Centre for Neuroimaging, location REC",
    "PulseSequenceType": "Multiband gradient echo EPI",
    "PhaseEncodingDirection": "j",
    "SliceEncodingDirection": "k",
    "ParallelReductionFactorInPlane": 1.5,
    "MultibandAccelerationFactor": 4,
    "WaterFatShift": 23.709,
    "FlipAngle": 70,
    "TotalReadoutTime": 0.0538836,
    "EffectiveEchoSpacing": 0.0007184,
    "TaskName": "wm",
    "SliceTiming": [
        0.0,
        0.1142857142857143,
        0.2285714285714286,
        0.34285714285714286,
        0.4571428571428572,
        0.5714285714285715,
        0.6857142857142857,
        0.8,
        0.9142857142857144,
        1.0285714285714287,
        1.142857142857143,
        1.2571428571428573,
        1.3714285714285714,
        1.4857142857142858,
        0.0,
        0.1142857142857143,
        0.2285714285714286,
        0.34285714285714286,
        0.4571428571428572,
        0.5714285714285715,
        0.6857142857142857,
        0.8,
        0.9142857142857144,
        1.0285714285714287,
        1.142857142857143,
        1.2571428571428573,
        1.3714285714285714,
        1.4857142857142858,
        0.0,
        0.1142857142857143,
        0.2285714285714286,
        0.34285714285714286,
        0.4571428571428572,
        0.5714285714285715,
        0.6857142857142857,
        0.8,
        0.9142857142857144,
        1.0285714285714287,
        1.142857142857143,
        1.2571428571428573,
        1.3714285714285714,
        1.4857142857142858,
        0.0,
        0.1142857142857143,
        0.2285714285714286,
        0.34285714285714286,
        0.4571428571428572,
        0.5714285714285715,
        0.6857142857142857,
        0.8,
        0.9142857142857144,
        1.0285714285714287,
        1.142857142857143,
        1.2571428571428573,
        1.3714285714285714,
        1.4857142857142858
    ]
}