{
    "Manufacturer": "Philips",
    "PatientPosition": "HFS",
    "SeriesDescription": "ImageMRSERIES",
    "ProtocolName": "acq-AxialNsig1Mm1_T1w",
    "SeriesNumber": 7,
    "AcquisitionNumber": 7,
    "ImageComments": "MBband2018",
    "PhilipsRescaleSlope": 4.32308,
    "PhilipsRescaleIntercept": 0,
    "PhilipsScaleSlope": 0.00515859,
    "UsePhilipsFloatNotDisplayScaling": 1,
    "EchoTime": 0.00375,
    "RepetitionTime": 0.008199,
    "InversionTime": 0.9,
    "ReconMatrixPE": 240,
    "ImageOrientationPatientDICOM": [
        0.999789,
        0.00741988,
        -0.0191696,
        -0.0082015,
        0.999125,
        -0.0410223
    ],
    "ConversionSoftware": "dcm2niix",
    "ConversionSoftwareVersion": "v1.0.20190902",
    "BidsifyVersion": "0.3.7",
    "MagneticFieldStrength": 3,
    "ParallelAcquisitionTechnique": "SENSE",
    "BIDSVersion": "1.1.0",
    "InstitutionName": "Spinoza Centre for Neuroimaging, location REC"
}