{
    "Manufacturer": "Philips",
    "PatientPosition": "HFS",
    "SeriesDescription": "ImageMRSERIES",
    "ProtocolName": "task-wm_acq-Mb4Mm2Tr1600_topup",
    "SeriesNumber": 7,
    "AcquisitionNumber": 7,
    "ImageComments": "MB2018",
    "PhilipsRescaleSlope": 0.84127,
    "PhilipsRescaleIntercept": 0,
    "PhilipsScaleSlope": 0.0783974,
    "UsePhilipsFloatNotDisplayScaling": 1,
    "EchoTime": 0.03,
    "RepetitionTime": 1.6,
    "ReconMatrixPE": 112,
    "ImageOrientationPatientDICOM": [
        0.999916,
        0.0129308,
        0.00104171,
        -0.0127405,
        0.993972,
        -0.108889
    ],
    "ConversionSoftware": "dcm2niix",
    "ConversionSoftwareVersion": "v1.0.20190902",
    "BidsifyVersion": "0.3.7",
    "MagneticFieldStrength": 3,
    "ParallelAcquisitionTechnique": "SENSE",
    "BIDSVersion": "1.1.0",
    "InstitutionName": "Spinoza Centre for Neuroimaging, location REC",
    "IntendedFor": "func/sub-07_task-wm_acq-Mb4Mm2Tr1600_bold.nii.gz",
    "PulseSequenceType": "Multiband gradient echo EPI",
    "PhaseEncodingDirection": "j-",
    "SliceEncodingDirection": "k",
    "ParallelReductionFactorInPlane": 1.5,
    "MultibandAccelerationFactor": 4,
    "WaterFatShift": 23.709,
    "FlipAngle": 70,
    "TotalReadoutTime": 0.0538836,
    "EffectiveEchoSpacing": 0.0007184
}