{
    "Manufacturer": "Philips",
    "PatientPosition": "HFS",
    "SeriesDescription": "ImageMRSERIES",
    "ProtocolName": "acq-SaggitalNsig1Mm1_T1w",
    "SeriesNumber": 11,
    "AcquisitionNumber": 11,
    "ImageComments": "MB2018",
    "PhilipsRescaleSlope": 4.57998,
    "PhilipsRescaleIntercept": 0,
    "PhilipsScaleSlope": 0.00534796,
    "UsePhilipsFloatNotDisplayScaling": 1,
    "EchoTime": 0.00372,
    "RepetitionTime": 0.008092,
    "InversionTime": 0.95,
    "ReconMatrixPE": 256,
    "ImageOrientationPatientDICOM": [
        0.999177,
        -0.0381968,
        -0.0136499,
        0.0382099,
        0.999269,
        0.000700634
    ],
    "ConversionSoftware": "dcm2niix",
    "ConversionSoftwareVersion": "v1.0.20190902",
    "BidsifyVersion": "0.3.7",
    "MagneticFieldStrength": 3,
    "ParallelAcquisitionTechnique": "SENSE",
    "BIDSVersion": "1.1.0",
    "InstitutionName": "Spinoza Centre for Neuroimaging, location REC"
}