{
    "Manufacturer": "Philips",
    "PatientPosition": "HFS",
    "SeriesDescription": "ImageMRSERIES",
    "ProtocolName": "task-wm_acq-Mb4Mm3Tr550_topup",
    "SeriesNumber": 13,
    "AcquisitionNumber": 13,
    "ImageComments": "MB2018",
    "PhilipsRescaleSlope": 0.74212,
    "PhilipsRescaleIntercept": 0,
    "PhilipsScaleSlope": 0.0480474,
    "UsePhilipsFloatNotDisplayScaling": 1,
    "EchoTime": 0.03,
    "RepetitionTime": 0.55,
    "ReconMatrixPE": 80,
    "ImageOrientationPatientDICOM": [
        0.99952,
        -0.0118903,
        0.0286061,
        0.0176212,
        0.977689,
        -0.209317
    ],
    "ConversionSoftware": "dcm2niix",
    "ConversionSoftwareVersion": "v1.0.20190902",
    "BidsifyVersion": "0.3.7",
    "MagneticFieldStrength": 3,
    "ParallelAcquisitionTechnique": "SENSE",
    "BIDSVersion": "1.1.0",
    "InstitutionName": "Spinoza Centre for Neuroimaging, location REC",
    "IntendedFor": "func/sub-04_task-wm_acq-Mb4Mm3Tr550_bold.nii.gz",
    "PulseSequenceType": "Multiband gradient echo EPI",
    "PhaseEncodingDirection": "j-",
    "SliceEncodingDirection": "k",
    "ParallelReductionFactorInPlane": 1.51,
    "MultibandAccelerationFactor": 4,
    "WaterFatShift": 14.308,
    "FlipAngle": 55,
    "TotalReadoutTime": 0.0323413,
    "EffectiveEchoSpacing": 0.0006102
}