{
    "Manufacturer": "Philips",
    "PatientPosition": "HFS",
    "SeriesDescription": "ImageMRSERIES",
    "ProtocolName": "acq-SaggitalNsig1Mm1_T1w",
    "SeriesNumber": 11,
    "AcquisitionNumber": 11,
    "ImageComments": "MB2018",
    "PhilipsRescaleSlope": 5.27888,
    "PhilipsRescaleIntercept": 0,
    "PhilipsScaleSlope": 0.00522594,
    "UsePhilipsFloatNotDisplayScaling": 1,
    "EchoTime": 0.00378,
    "RepetitionTime": 0.008253,
    "InversionTime": 0.95,
    "ReconMatrixPE": 256,
    "ImageOrientationPatientDICOM": [
        0.999808,
        -0.0181213,
        0.00740938,
        0.0191973,
        0.981693,
        -0.189502
    ],
    "ConversionSoftware": "dcm2niix",
    "ConversionSoftwareVersion": "v1.0.20190902",
    "BidsifyVersion": "0.3.7",
    "MagneticFieldStrength": 3,
    "ParallelAcquisitionTechnique": "SENSE",
    "BIDSVersion": "1.1.0",
    "InstitutionName": "Spinoza Centre for Neuroimaging, location REC"
}