{
    "Manufacturer": "Philips",
    "PatientPosition": "HFS",
    "SeriesDescription": "ImageMRSERIES",
    "ProtocolName": "task-wm_acq-Mb4Mm27Tr700_bold",
    "SeriesNumber": 6,
    "AcquisitionNumber": 6,
    "ImageComments": "MB2018",
    "PhilipsRescaleSlope": 0.77338,
    "PhilipsRescaleIntercept": 0,
    "PhilipsScaleSlope": 0.0505029,
    "UsePhilipsFloatNotDisplayScaling": 1,
    "EchoTime": 0.03,
    "RepetitionTime": 0.7,
    "ReconMatrixPE": 80,
    "ImageOrientationPatientDICOM": [
        0.999177,
        -0.0381968,
        -0.0136499,
        0.0382099,
        0.999269,
        0.000700634
    ],
    "ConversionSoftware": "dcm2niix",
    "ConversionSoftwareVersion": "v1.0.20190902",
    "BidsifyVersion": "0.3.7",
    "MagneticFieldStrength": 3,
    "ParallelAcquisitionTechnique": "SENSE",
    "BIDSVersion": "1.1.0",
    "InstitutionName": "Spinoza Centre for Neuroimaging, location REC",
    "PulseSequenceType": "Multiband gradient echo EPI",
    "PhaseEncodingDirection": "j",
    "SliceEncodingDirection": "k",
    "ParallelReductionFactorInPlane": 1.5,
    "MultibandAccelerationFactor": 4,
    "WaterFatShift": 14.388,
    "FlipAngle": 55,
    "TotalReadoutTime": 0.0325221,
    "EffectiveEchoSpacing": 0.0006136,
    "TaskName": "wm",
    "SliceTiming": [
        0.0,
        0.06363636363636363,
        0.12727272727272726,
        0.1909090909090909,
        0.2545454545454545,
        0.3181818181818181,
        0.3818181818181818,
        0.44545454545454544,
        0.509090909090909,
        0.5727272727272726,
        0.6363636363636362,
        0.0,
        0.06363636363636363,
        0.12727272727272726,
        0.1909090909090909,
        0.2545454545454545,
        0.3181818181818181,
        0.3818181818181818,
        0.44545454545454544,
        0.509090909090909,
        0.5727272727272726,
        0.6363636363636362,
        0.0,
        0.06363636363636363,
        0.12727272727272726,
        0.1909090909090909,
        0.2545454545454545,
        0.3181818181818181,
        0.3818181818181818,
        0.44545454545454544,
        0.509090909090909,
        0.5727272727272726,
        0.6363636363636362,
        0.0,
        0.06363636363636363,
        0.12727272727272726,
        0.1909090909090909,
        0.2545454545454545,
        0.3181818181818181,
        0.3818181818181818,
        0.44545454545454544,
        0.509090909090909,
        0.5727272727272726,
        0.6363636363636362
    ]
}