{
    "Manufacturer": "Philips",
    "PatientPosition": "HFS",
    "SeriesDescription": "ImageMRSERIES",
    "ProtocolName": "acq-SaggitalNsig1Mm1_T1w",
    "SeriesNumber": 11,
    "AcquisitionNumber": 11,
    "ImageComments": "MB2018",
    "PhilipsRescaleSlope": 4.94383,
    "PhilipsRescaleIntercept": 0,
    "PhilipsScaleSlope": 0.00504049,
    "UsePhilipsFloatNotDisplayScaling": 1,
    "EchoTime": 0.00382,
    "RepetitionTime": 0.008328,
    "InversionTime": 0.95,
    "ReconMatrixPE": 256,
    "ImageOrientationPatientDICOM": [
        0.999552,
        -0.00513035,
        -0.0294708,
        -0.00209346,
        0.970771,
        -0.239997
    ],
    "ConversionSoftware": "dcm2niix",
    "ConversionSoftwareVersion": "v1.0.20190902",
    "BidsifyVersion": "0.3.7",
    "MagneticFieldStrength": 3,
    "ParallelAcquisitionTechnique": "SENSE",
    "BIDSVersion": "1.1.0",
    "InstitutionName": "Spinoza Centre for Neuroimaging, location REC"
}