{
    "Manufacturer": "Philips",
    "PatientPosition": "HFS",
    "SeriesDescription": "ImageMRSERIES",
    "ProtocolName": "acq-Mm2_phasediff",
    "SeriesNumber": 2,
    "AcquisitionNumber": 2,
    "ImageComments": "MB2018",
    "PhilipsRescaleSlope": 0.04884,
    "PhilipsRescaleIntercept": -100,
    "PhilipsScaleSlope": 20.475,
    "UsePhilipsFloatNotDisplayScaling": 1,
    "EchoTime": 0.00301,
    "RepetitionTime": 0.010767,
    "InversionTime": 0.9,
    "ReconMatrixPE": 128,
    "ImageOrientationPatientDICOM": [
        0.999987,
        0.00455605,
        0.00226596,
        -0.00436329,
        0.996879,
        -0.0788177
    ],
    "ConversionSoftware": "dcm2niix",
    "ConversionSoftwareVersion": "v1.0.20190902",
    "BidsifyVersion": "0.3.7",
    "MagneticFieldStrength": 3,
    "ParallelAcquisitionTechnique": "SENSE",
    "BIDSVersion": "1.1.0",
    "InstitutionName": "Spinoza Centre for Neuroimaging, location REC",
    "IntendedFor": [
        "func/sub-17_task-wm_acq-SeqMm3Tr2000_bold.nii.gz",
        "func/sub-17_task-wm_acq-Mb4Mm2Tr1600_bold.nii.gz",
        "func/sub-17_task-wm_acq-Mb4Mm27Tr700_bold.nii.gz",
        "func/sub-17_task-wm_acq-Mb4Mm3Tr550_bold.nii.gz"
    ],
    "EchoTime1": 0.003,
    "EchoTime2": 0.008,
    "FlipAngle": 8,
    "ParallelReductionFactorInPlane": 2.5,
    "WaterFatShift": 1.134
}