{
    "Manufacturer": "Philips",
    "PatientPosition": "HFS",
    "SeriesDescription": "ImageMRSERIES",
    "ProtocolName": "task-wm_acq-Mb4Mm27Tr700_topup",
    "SeriesNumber": 4,
    "AcquisitionNumber": 4,
    "ImageComments": "MB2018",
    "PhilipsRescaleSlope": 0.77265,
    "PhilipsRescaleIntercept": 0,
    "PhilipsScaleSlope": 0.0545943,
    "UsePhilipsFloatNotDisplayScaling": 1,
    "EchoTime": 0.03,
    "RepetitionTime": 0.7,
    "ReconMatrixPE": 80,
    "ImageOrientationPatientDICOM": [
        0.999987,
        0.00455605,
        0.00226596,
        -0.00436329,
        0.996879,
        -0.0788177
    ],
    "ConversionSoftware": "dcm2niix",
    "ConversionSoftwareVersion": "v1.0.20190902",
    "BidsifyVersion": "0.3.7",
    "MagneticFieldStrength": 3,
    "ParallelAcquisitionTechnique": "SENSE",
    "BIDSVersion": "1.1.0",
    "InstitutionName": "Spinoza Centre for Neuroimaging, location REC",
    "IntendedFor": "func/sub-17_task-wm_acq-Mb4Mm27Tr700_bold.nii.gz",
    "PulseSequenceType": "Multiband gradient echo EPI",
    "PhaseEncodingDirection": "j-",
    "SliceEncodingDirection": "k",
    "ParallelReductionFactorInPlane": 1.5,
    "MultibandAccelerationFactor": 4,
    "WaterFatShift": 14.388,
    "FlipAngle": 55,
    "TotalReadoutTime": 0.0325221,
    "EffectiveEchoSpacing": 0.0006136
}