{
    "Manufacturer": "Philips",
    "PatientPosition": "HFS",
    "SeriesDescription": "ImageMRSERIES",
    "ProtocolName": "task-wm_acq-SeqMm3Tr2000_topup",
    "SeriesNumber": 13,
    "AcquisitionNumber": 13,
    "ImageComments": "MBproject",
    "PhilipsRescaleSlope": 0.76166,
    "PhilipsRescaleIntercept": 0,
    "PhilipsScaleSlope": 0.0216725,
    "UsePhilipsFloatNotDisplayScaling": 1,
    "EchoTime": 0.028,
    "RepetitionTime": 2,
    "ReconMatrixPE": 80,
    "ImageOrientationPatientDICOM": [
        0.999383,
        0.0063039,
        0.0345468,
        0.00174425,
        0.973631,
        -0.228121
    ],
    "ConversionSoftware": "dcm2niix",
    "ConversionSoftwareVersion": "v1.0.20190902",
    "BidsifyVersion": "0.3.7",
    "MagneticFieldStrength": 3,
    "ParallelAcquisitionTechnique": "SENSE",
    "BIDSVersion": "1.1.0",
    "InstitutionName": "Spinoza Centre for Neuroimaging, location REC",
    "IntendedFor": "func/sub-19_task-wm_acq-SeqMm3Tr2000_bold.nii.gz",
    "PulseSequenceType": "Gradient Echo EPI",
    "PhaseEncodingDirection": "j-",
    "SliceEncodingDirection": "k",
    "ParallelReductionFactorInPlane": 2,
    "WaterFatShift": 12.0,
    "FlipAngle": 76.1,
    "TotalReadoutTime": 0.0269452,
    "EffectiveEchoSpacing": 0.0006909
}