{
    "Manufacturer": "Philips",
    "PatientPosition": "HFS",
    "SeriesDescription": "ImageMRSERIES",
    "ProtocolName": "acq-Nsig1Mm1_T2w",
    "SeriesNumber": 8,
    "AcquisitionNumber": 8,
    "ImageComments": "MB2018",
    "PhilipsRescaleSlope": 3.158,
    "PhilipsRescaleIntercept": 0,
    "PhilipsScaleSlope": 0.113287,
    "UsePhilipsFloatNotDisplayScaling": 1,
    "EchoTime": 0.08,
    "RepetitionTime": 3,
    "ReconMatrixPE": 240,
    "ImageOrientationPatientDICOM": [
        0.999972,
        0.00475347,
        0.00572562,
        -0.00471229,
        0.999963,
        -0.00718285
    ],
    "ConversionSoftware": "dcm2niix",
    "ConversionSoftwareVersion": "v1.0.20190902",
    "BidsifyVersion": "0.3.7",
    "MagneticFieldStrength": 3,
    "ParallelAcquisitionTechnique": "SENSE",
    "BIDSVersion": "1.1.0",
    "InstitutionName": "Spinoza Centre for Neuroimaging, location REC"
}