{
    "Manufacturer": "Philips",
    "PatientPosition": "HFS",
    "SeriesDescription": "ImageMRSERIES",
    "ProtocolName": "acq-Nsig1Mm1_T2w",
    "SeriesNumber": 8,
    "AcquisitionNumber": 8,
    "ImageComments": "MB2018",
    "PhilipsRescaleSlope": 3.10794,
    "PhilipsRescaleIntercept": 0,
    "PhilipsScaleSlope": 0.106322,
    "UsePhilipsFloatNotDisplayScaling": 1,
    "EchoTime": 0.08,
    "RepetitionTime": 3,
    "ReconMatrixPE": 240,
    "ImageOrientationPatientDICOM": [
        0.999875,
        -0.0158014,
        -0.000849599,
        0.0157073,
        0.997571,
        -0.0678629
    ],
    "ConversionSoftware": "dcm2niix",
    "ConversionSoftwareVersion": "v1.0.20190902",
    "BidsifyVersion": "0.3.7",
    "MagneticFieldStrength": 3,
    "ParallelAcquisitionTechnique": "SENSE",
    "BIDSVersion": "1.1.0",
    "InstitutionName": "Spinoza Centre for Neuroimaging, location REC"
}