{
    "Manufacturer": "Philips",
    "PatientPosition": "HFS",
    "SeriesDescription": "ImageMRSERIES",
    "ProtocolName": "acq-Nsig1Mm1_T2w",
    "SeriesNumber": 8,
    "AcquisitionNumber": 8,
    "ImageComments": "MB2018",
    "PhilipsRescaleSlope": 3.30574,
    "PhilipsRescaleIntercept": 0,
    "PhilipsScaleSlope": 0.116114,
    "UsePhilipsFloatNotDisplayScaling": 1,
    "EchoTime": 0.08,
    "RepetitionTime": 3,
    "ReconMatrixPE": 240,
    "ImageOrientationPatientDICOM": [
        0.999852,
        0.00815948,
        -0.0151735,
        -0.0109944,
        0.980275,
        -0.197331
    ],
    "ConversionSoftware": "dcm2niix",
    "ConversionSoftwareVersion": "v1.0.20190902",
    "BidsifyVersion": "0.3.7",
    "MagneticFieldStrength": 3,
    "ParallelAcquisitionTechnique": "SENSE",
    "BIDSVersion": "1.1.0",
    "InstitutionName": "Spinoza Centre for Neuroimaging, location REC"
}