{
    "Manufacturer": "Philips",
    "PatientPosition": "HFS",
    "SeriesDescription": "ImageMRSERIES",
    "ProtocolName": "acq-SaggitalNsig1Mm1_T1w",
    "SeriesNumber": 11,
    "AcquisitionNumber": 11,
    "ImageComments": "MB2018",
    "PhilipsRescaleSlope": 2.71306,
    "PhilipsRescaleIntercept": 0,
    "PhilipsScaleSlope": 0.00516757,
    "UsePhilipsFloatNotDisplayScaling": 1,
    "EchoTime": 0.00369,
    "RepetitionTime": 0.008052,
    "InversionTime": 0.95,
    "ReconMatrixPE": 256,
    "ImageOrientationPatientDICOM": [
        0.999996,
        -0.000895022,
        -0.00261043,
        0.000872662,
        0.999963,
        -0.00855429
    ],
    "ConversionSoftware": "dcm2niix",
    "ConversionSoftwareVersion": "v1.0.20190902",
    "BidsifyVersion": "0.3.7",
    "MagneticFieldStrength": 3,
    "ParallelAcquisitionTechnique": "SENSE",
    "BIDSVersion": "1.1.0",
    "InstitutionName": "Spinoza Centre for Neuroimaging, location REC"
}