{
    "Manufacturer": "Philips",
    "PatientPosition": "HFS",
    "SeriesDescription": "ImageMRSERIES",
    "ProtocolName": "task-wm_acq-Mb4Mm2Tr1600_topup",
    "SeriesNumber": 13,
    "AcquisitionNumber": 13,
    "ImageComments": "MB2018",
    "PhilipsRescaleSlope": 0.86422,
    "PhilipsRescaleIntercept": 0,
    "PhilipsScaleSlope": 0.0777789,
    "UsePhilipsFloatNotDisplayScaling": 1,
    "EchoTime": 0.03,
    "RepetitionTime": 1.6,
    "ReconMatrixPE": 112,
    "ImageOrientationPatientDICOM": [
        0.998236,
        -0.0479643,
        0.034981,
        0.0526648,
        0.987444,
        -0.148935
    ],
    "ConversionSoftware": "dcm2niix",
    "ConversionSoftwareVersion": "v1.0.20190902",
    "BidsifyVersion": "0.3.7",
    "MagneticFieldStrength": 3,
    "ParallelAcquisitionTechnique": "SENSE",
    "BIDSVersion": "1.1.0",
    "InstitutionName": "Spinoza Centre for Neuroimaging, location REC",
    "IntendedFor": "func/sub-23_task-wm_acq-Mb4Mm2Tr1600_bold.nii.gz",
    "PulseSequenceType": "Multiband gradient echo EPI",
    "PhaseEncodingDirection": "j-",
    "SliceEncodingDirection": "k",
    "ParallelReductionFactorInPlane": 1.5,
    "MultibandAccelerationFactor": 4,
    "WaterFatShift": 23.709,
    "FlipAngle": 70,
    "TotalReadoutTime": 0.0538836,
    "EffectiveEchoSpacing": 0.0007184
}