{
    "Manufacturer": "Philips",
    "PatientPosition": "HFS",
    "SeriesDescription": "ImageMRSERIES",
    "ProtocolName": "acq-Nsig1Mm1_T2w",
    "SeriesNumber": 8,
    "AcquisitionNumber": 8,
    "ImageComments": "MB2018",
    "PhilipsRescaleSlope": 2.83028,
    "PhilipsRescaleIntercept": 0,
    "PhilipsScaleSlope": 0.114392,
    "UsePhilipsFloatNotDisplayScaling": 1,
    "EchoTime": 0.08,
    "RepetitionTime": 3,
    "ReconMatrixPE": 240,
    "ImageOrientationPatientDICOM": [
        0.999964,
        0.00845912,
        -0.000758245,
        -0.00837747,
        0.997097,
        0.0756839
    ],
    "ConversionSoftware": "dcm2niix",
    "ConversionSoftwareVersion": "v1.0.20190902",
    "BidsifyVersion": "0.3.7",
    "MagneticFieldStrength": 3,
    "ParallelAcquisitionTechnique": "SENSE",
    "BIDSVersion": "1.1.0",
    "InstitutionName": "Spinoza Centre for Neuroimaging, location REC"
}