{
    "Manufacturer": "Philips",
    "PatientPosition": "HFS",
    "SeriesDescription": "ImageMRSERIES",
    "ProtocolName": "acq-SaggitalNsig1Mm1_T1w",
    "SeriesNumber": 11,
    "AcquisitionNumber": 11,
    "ImageComments": "MB2018",
    "PhilipsRescaleSlope": 4.53431,
    "PhilipsRescaleIntercept": 0,
    "PhilipsScaleSlope": 0.00532996,
    "UsePhilipsFloatNotDisplayScaling": 1,
    "EchoTime": 0.00374,
    "RepetitionTime": 0.008179,
    "InversionTime": 0.95,
    "ReconMatrixPE": 256,
    "ImageOrientationPatientDICOM": [
        0.999663,
        -0.0191003,
        0.0175937,
        0.0209399,
        0.993586,
        -0.111125
    ],
    "ConversionSoftware": "dcm2niix",
    "ConversionSoftwareVersion": "v1.0.20190902",
    "BidsifyVersion": "0.3.7",
    "MagneticFieldStrength": 3,
    "ParallelAcquisitionTechnique": "SENSE",
    "BIDSVersion": "1.1.0",
    "InstitutionName": "Spinoza Centre for Neuroimaging, location REC"
}