{
    "Manufacturer": "Philips",
    "PatientPosition": "HFS",
    "SeriesDescription": "ImageMRSERIES",
    "ProtocolName": "task-wm_acq-SeqMm3Tr2000_topup",
    "SeriesNumber": 4,
    "AcquisitionNumber": 4,
    "ImageComments": "MB2018",
    "PhilipsRescaleSlope": 0.76386,
    "PhilipsRescaleIntercept": 0,
    "PhilipsScaleSlope": 0.0195153,
    "UsePhilipsFloatNotDisplayScaling": 1,
    "EchoTime": 0.028,
    "RepetitionTime": 2,
    "ReconMatrixPE": 80,
    "ImageOrientationPatientDICOM": [
        0.999245,
        -0.0373316,
        0.010737,
        0.0382125,
        0.994355,
        -0.0989817
    ],
    "ConversionSoftware": "dcm2niix",
    "ConversionSoftwareVersion": "v1.0.20190902",
    "BidsifyVersion": "0.3.7",
    "MagneticFieldStrength": 3,
    "ParallelAcquisitionTechnique": "SENSE",
    "BIDSVersion": "1.1.0",
    "InstitutionName": "Spinoza Centre for Neuroimaging, location REC",
    "IntendedFor": "func/sub-09_task-wm_acq-SeqMm3Tr2000_bold.nii.gz",
    "PulseSequenceType": "Gradient Echo EPI",
    "PhaseEncodingDirection": "j-",
    "SliceEncodingDirection": "k",
    "ParallelReductionFactorInPlane": 2,
    "WaterFatShift": 12.0,
    "FlipAngle": 76.1,
    "TotalReadoutTime": 0.0269452,
    "EffectiveEchoSpacing": 0.0006909
}