{
    "Manufacturer": "Philips",
    "PatientPosition": "HFS",
    "SeriesDescription": "ImageMRSERIES",
    "ProtocolName": "acq-AxialNsig1Mm1_T1w",
    "SeriesNumber": 5,
    "AcquisitionNumber": 5,
    "ImageComments": "MB2018",
    "PhilipsRescaleSlope": 4.01612,
    "PhilipsRescaleIntercept": 0,
    "PhilipsScaleSlope": 0.00521038,
    "UsePhilipsFloatNotDisplayScaling": 1,
    "EchoTime": 0.00373,
    "RepetitionTime": 0.008164,
    "InversionTime": 0.9,
    "ReconMatrixPE": 240,
    "ImageOrientationPatientDICOM": [
        0.999086,
        0.0069384,
        0.0421751,
        -0.00540563,
        0.999325,
        -0.0363492
    ],
    "ConversionSoftware": "dcm2niix",
    "ConversionSoftwareVersion": "v1.0.20190902",
    "BidsifyVersion": "0.3.7",
    "MagneticFieldStrength": 3,
    "ParallelAcquisitionTechnique": "SENSE",
    "BIDSVersion": "1.1.0",
    "InstitutionName": "Spinoza Centre for Neuroimaging, location REC"
}