{
    "Manufacturer": "Philips",
    "PatientPosition": "HFS",
    "SeriesDescription": "ImageMRSERIES",
    "ProtocolName": "task-wm_acq-Mb4Mm2Tr1600_topup",
    "SeriesNumber": 10,
    "AcquisitionNumber": 10,
    "ImageComments": "MB2018",
    "PhilipsRescaleSlope": 0.937,
    "PhilipsRescaleIntercept": 0,
    "PhilipsScaleSlope": 0.0742078,
    "UsePhilipsFloatNotDisplayScaling": 1,
    "EchoTime": 0.03,
    "RepetitionTime": 1.6,
    "ReconMatrixPE": 112,
    "ImageOrientationPatientDICOM": [
        0.999713,
        0.0221529,
        0.00912827,
        -0.0214647,
        0.997343,
        -0.0696202
    ],
    "ConversionSoftware": "dcm2niix",
    "ConversionSoftwareVersion": "v1.0.20190902",
    "BidsifyVersion": "0.3.7",
    "MagneticFieldStrength": 3,
    "ParallelAcquisitionTechnique": "SENSE",
    "BIDSVersion": "1.1.0",
    "InstitutionName": "Spinoza Centre for Neuroimaging, location REC",
    "IntendedFor": "func/sub-01_task-wm_acq-Mb4Mm2Tr1600_bold.nii.gz",
    "PulseSequenceType": "Multiband gradient echo EPI",
    "PhaseEncodingDirection": "j-",
    "SliceEncodingDirection": "k",
    "ParallelReductionFactorInPlane": 1.5,
    "MultibandAccelerationFactor": 4,
    "WaterFatShift": 23.709,
    "FlipAngle": 70,
    "TotalReadoutTime": 0.0538836,
    "EffectiveEchoSpacing": 0.0007184
}